PATH
  remote: .
  specs:
    code_online (0.1.0)
      watir
      webdrivers

GEM
  remote: https://rubygems.org/
  specs:
    ast (2.4.2)
    childprocess (4.1.0)
    diff-lcs (1.5.0)
    json (2.6.2)
    nokogiri (1.13.9-arm64-darwin)
      racc (~> 1.4)
    parallel (1.22.1)
    parser (3.1.2.1)
      ast (~> 2.4.1)
    racc (1.6.0)
    rainbow (3.1.1)
    rake (13.0.6)
    regexp_parser (2.6.0)
    rexml (3.2.5)
    rspec (3.12.0)
      rspec-core (~> 3.12.0)
      rspec-expectations (~> 3.12.0)
      rspec-mocks (~> 3.12.0)
    rspec-core (3.12.0)
      rspec-support (~> 3.12.0)
    rspec-expectations (3.12.0)
      diff-lcs (>= 1.2.0, < 2.0)
      rspec-support (~> 3.12.0)
    rspec-mocks (3.12.0)
      diff-lcs (>= 1.2.0, < 2.0)
      rspec-support (~> 3.12.0)
    rspec-support (3.12.0)
    rubocop (1.35.1)
      json (~> 2.3)
      parallel (~> 1.10)
      parser (>= 3.1.2.1)
      rainbow (>= 2.2.2, < 4.0)
      regexp_parser (>= 1.8, < 3.0)
      rexml (>= 3.2.5, < 4.0)
      rubocop-ast (>= 1.20.1, < 2.0)
      ruby-progressbar (~> 1.7)
      unicode-display_width (>= 1.4.0, < 3.0)
    rubocop-ast (1.23.0)
      parser (>= 3.1.1.0)
    rubocop-performance (1.14.3)
      rubocop (>= 1.7.0, < 2.0)
      rubocop-ast (>= 0.4.0)
    ruby-progressbar (1.11.0)
    rubyzip (2.3.2)
    selenium-webdriver (4.5.0)
      childprocess (>= 0.5, < 5.0)
      rexml (~> 3.2, >= 3.2.5)
      rubyzip (>= 1.2.2, < 3.0)
      websocket (~> 1.0)
    standard (1.16.1)
      rubocop (= 1.35.1)
      rubocop-performance (= 1.14.3)
    unicode-display_width (2.3.0)
    watir (7.1.0)
      regexp_parser (>= 1.2, < 3)
      selenium-webdriver (~> 4.0)
    webdrivers (5.2.0)
      nokogiri (~> 1.6)
      rubyzip (>= 1.3.0)
      selenium-webdriver (~> 4.0)
    websocket (1.2.9)

PLATFORMS
  arm64-darwin-21

DEPENDENCIES
  code_online!
  rake (~> 13.0)
  rspec (~> 3.0)
  standard (~> 1.3)

BUNDLED WITH
   2.3.3
